GEM
  remote: https://rubygems.org/
  specs:
    activesupport (4.2.5.1)
      i18n (~> 0.7)
      json (~> 1.7, >= 1.7.7)
      minitest (~> 5.1)
      thread_safe (~> 0.3, >= 0.3.4)
      tzinfo (~> 1.1)
    haml (4.0.7)
      tilt
    httpclient (2.7.1)
    i18n (0.7.0)
    json (1.8.3-java)
    lock_jar (0.14.6)
      naether (~> 0.15.0)
      thor (>= 0.18.1)
    minitest (5.8.4)
    naether (0.15.0-java)
      httpclient
    rack (1.6.4)
    rack-protection (1.5.3)
      rack
    sinatra (1.4.7)
      rack (~> 1.5)
      rack-protection (~> 1.4)
      tilt (>= 1.3, < 3)
    thor (0.19.1)
    thread_safe (0.3.5-java)
    tilt (1.4.1)
    tzinfo (1.2.2)
      thread_safe (~> 0.1)
    weka (0.2.0-java)
      activesupport (~> 4.0)
      lock_jar (~> 0.13)

PLATFORMS
  java
  ruby

DEPENDENCIES
  haml (~> 4.0.7)
  sinatra (~> 1.4.7)
  weka (~> 0.2.0)
