GEM
  remote: https://rubygems.org/
  specs:
    brainy (1.0.2)
    haml (4.0.7)
      tilt
    rack (1.6.4)
    rack-protection (1.5.3)
      rack
    sinatra (1.4.7)
      rack (~> 1.5)
      rack-protection (~> 1.4)
      tilt (>= 1.3, < 3)
    tilt (1.4.1)

PLATFORMS
  ruby

DEPENDENCIES
  brainy (~> 1.0.2)
  haml (~> 4.0.7)
  sinatra (~> 1.4.7)
